PATH
  remote: .
  specs:
    couch-potato (0.0.1)
      activesupport
      httparty
      lazy

GEM
  remote: http://rubygems.org/
  specs:
    activesupport (3.0.3)
    crack (0.1.8)
    httparty (0.6.1)
      crack (= 0.1.8)
    lazy (0.9.6)

PLATFORMS
  ruby

DEPENDENCIES
  activesupport
  couch-potato!
  httparty
  lazy
